RESTRICTION: >= net461
NUGET
  remote: https://www.nuget.org/api/v2
    Akka (1.3.2)
      Newtonsoft.Json (>= 9.0.1)
      System.Collections.Immutable (>= 1.3.1)
    Akka.Remote (1.3.2)
      Akka (>= 1.3.2)
      DotNetty.Handlers (>= 0.4.6)
      Google.Protobuf (>= 3.3)
    Akka.Serialization.Hyperion (1.3.2-beta54)
      Akka (>= 1.3.2-beta54)
      Hyperion (>= 0.9.6)
    Akkling (0.8)
      Akka (>= 1.3.1)
      Akka.Serialization.Hyperion (>= 1.3.1-beta52)
      FSharp.Core
      FsPickler (>= 3.2)
      FSPowerPack.Linq.Community (>= 3.0)
    DotNetty.Buffers (0.4.7)
      DotNetty.Common (>= 0.4.7)
      System.Runtime.CompilerServices.Unsafe (>= 4.4)
    DotNetty.Codecs (0.4.7)
      DotNetty.Buffers (>= 0.4.7)
      DotNetty.Common (>= 0.4.7)
      DotNetty.Transport (>= 0.4.7)
    DotNetty.Common (0.4.7)
      Microsoft.Extensions.Logging (>= 1.1.1)
      System.Runtime.CompilerServices.Unsafe (>= 4.4)
    DotNetty.Handlers (0.4.7)
      DotNetty.Buffers (>= 0.4.7)
      DotNetty.Codecs (>= 0.4.7)
      DotNetty.Common (>= 0.4.7)
      DotNetty.Transport (>= 0.4.7)
    DotNetty.Transport (0.4.7)
      DotNetty.Buffers (>= 0.4.7)
      DotNetty.Common (>= 0.4.7)
    FAKE (4.64.2)
    FSharp.Core (4.2.3)
    FsPickler (3.4)
      FSharp.Core (>= 3.1)
    FSPowerPack.Core.Community (3.0)
    FSPowerPack.Linq.Community (3.0)
      FSPowerPack.Core.Community
    Google.Protobuf (3.5)
    Hyperion (0.9.6)
    Microsoft.Extensions.DependencyInjection.Abstractions (2.0) - restriction: && (>= net461) (>= netstandard2.0)
    Microsoft.Extensions.Logging (2.0)
      Microsoft.Extensions.DependencyInjection.Abstractions (>= 2.0) - restriction: && (>= net461) (>= netstandard2.0)
      Microsoft.Extensions.Logging.Abstractions (>= 2.0) - restriction: && (>= net461) (>= netstandard2.0)
      Microsoft.Extensions.Options (>= 2.0) - restriction: && (>= net461) (>= netstandard2.0)
    Microsoft.Extensions.Logging.Abstractions (2.0) - restriction: && (>= net461) (>= netstandard2.0)
    Microsoft.Extensions.Options (2.0) - restriction: && (>= net461) (>= netstandard2.0)
      Microsoft.Extensions.DependencyInjection.Abstractions (>= 2.0) - restriction: && (>= net461) (>= netstandard2.0)
      Microsoft.Extensions.Primitives (>= 2.0) - restriction: && (>= net461) (>= netstandard2.0)
    Microsoft.Extensions.Primitives (2.0) - restriction: && (>= net461) (>= netstandard2.0)
      System.Runtime.CompilerServices.Unsafe (>= 4.4) - restriction: && (>= net461) (>= netstandard2.0)
    Microsoft.NETCore.Platforms (2.0.1) - restriction: || (&& (>= monotouch) (>= net461)) (&& (< net45) (>= net461) (>= netstandard1.5) (< netstandard1.6)) (&& (< net45) (>= net461) (< netstandard1.5)) (&& (>= net461) (< netstandard1.0)) (&& (>= net461) (< netstandard1.3)) (&& (>= net461) (< netstandard1.4)) (&& (>= net461) (< netstandard2.0)) (&& (>= net461) (< portable-net45+win8+wpa81)) (&& (>= net461) (< portable-net451+win81+wpa81)) (&& (>= net461) (>= uap10.0)) (&& (>= net461) (>= xamarinios)) (&& (>= net461) (>= xamarinmac)) (&& (>= net461) (>= xamarintvos)) (&& (>= net461) (>= xamarinwatchos))
    NETStandard.Library (2.0.1) - restriction: && (>= net461) (< netstandard2.0)
      Microsoft.NETCore.Platforms (>= 1.1)
    Newtonsoft.Json (10.0.3)
    System.Collections.Immutable (1.4)
      NETStandard.Library (>= 1.6.1) - restriction: && (>= net461) (< netstandard2.0)
    System.Runtime.CompilerServices.Unsafe (4.4)
      NETStandard.Library (>= 1.6.1) - restriction: && (>= net461) (< netstandard2.0)
